GEM
  remote: https://rubygems.org/
  specs:
    httmultiparty (0.3.10)
      httparty (>= 0.7.3)
      multipart-post
    httparty (0.11.0)
      multi_json (~> 1.0)
      multi_xml (>= 0.5.2)
    multi_json (1.7.2)
    multi_xml (0.5.3)
    multipart-post (1.2.0)

PLATFORMS
  ruby
  x86-mingw32

DEPENDENCIES
  httmultiparty
  httparty
